GEM
  remote: https://rubygems.org/
  specs:
    faraday (0.9.2)
      multipart-post (>= 1.2, < 3)
    fileutils (0.7)
      rmagick (>= 2.13.1)
    multi_json (1.12.1)
    multipart-post (2.0.0)
    power_assert (0.3.0)
    rake (11.1.2)
    rmagick (2.15.4)
    test-unit (3.1.9)
      power_assert

PLATFORMS
  ruby

DEPENDENCIES
  faraday (~> 0.9.2)
  fileutils (~> 0.7)
  multi_json (~> 1.12, >= 1.12.1)
  rake (~> 11.1, >= 11.1.2)
  test-unit (~> 3.1, >= 3.1.9)

BUNDLED WITH
   1.10.6
