GEM
  remote: https://rubygems.org/
  specs:
    domain_name (0.5.25)
      unf (>= 0.0.5, < 1.0.0)
    faraday (0.9.2)
      multipart-post (>= 1.2, < 3)
    faraday-cookie_jar (0.0.6)
      faraday (>= 0.7.4)
      http-cookie (~> 1.0.0)
    fileutils (0.7)
      rmagick (>= 2.13.1)
    http-cookie (1.0.2)
      domain_name (~> 0.5)
    multi_json (1.12.1)
    multipart-post (2.0.0)
    power_assert (0.3.0)
    rake (11.1.2)
    rmagick (2.15.4)
    test-unit (3.1.9)
      power_assert
    unf (0.1.4)
      unf_ext
    unf_ext (0.0.7.1)

PLATFORMS
  ruby

DEPENDENCIES
  faraday (~> 0.9.2)
  faraday-cookie_jar
  fileutils (~> 0.7)
  multi_json (~> 1.12, >= 1.12.1)
  rake (~> 11.1, >= 11.1.2)
  test-unit (~> 3.1, >= 3.1.9)

BUNDLED WITH
   1.10.6
