GEM
  remote: https://rubygems.org/
  specs:
    ansi (1.5.0)
    ast (2.3.0)
    domain_name (0.5.20170223)
      unf (>= 0.0.5, < 1.0.0)
    faraday (0.11.0)
      multipart-post (>= 1.2, < 3)
    faraday-cookie_jar (0.0.6)
      faraday (>= 0.7.4)
      http-cookie (~> 1.0.0)
    faraday_middleware (0.11.0.1)
      faraday (>= 0.7.4, < 1.0)
    http-cookie (1.0.3)
      domain_name (~> 0.5)
    multi_json (1.12.1)
    multipart-post (2.0.0)
    oga (2.9)
      ast
      ruby-ll (~> 2.1)
    power_assert (1.0.1)
    rake (11.3.0)
    ruby-ll (2.1.2)
      ansi
      ast
    test-unit (3.2.3)
      power_assert
    unf (0.1.4)
      unf_ext
    unf_ext (0.0.7.2)
    uuidtools (2.1.5)

PLATFORMS
  ruby

DEPENDENCIES
  faraday (~> 0.11.0)
  faraday-cookie_jar (~> 0.0.6)
  faraday_middleware (~> 0.11.0.1)
  multi_json (~> 1.12, >= 1.12.1)
  oga (~> 2.9)
  rake (~> 11.1, >= 11.1.2)
  test-unit (~> 3.2, >= 3.2.3)
  uuidtools (~> 2.1, >= 2.1.5)

BUNDLED WITH
   1.14.3
